GEM
  remote: http://rubygems.org/
  specs:
    activesupport (3.2.22)
      i18n (~> 0.6, >= 0.6.4)
      multi_json (~> 1.0)
    concurrent-ruby (1.0.5)
    haml (5.0.0)
      temple (>= 0.8.0)
      tilt
    i18n (0.9.5)
      concurrent-ruby (~> 1.0)
    multi_json (1.13.1)
    mustermann (1.0.2)
    rack (2.0.5)
    rack-protection (2.0.3)
      rack
    rake (0.8.7)
    rdiscount (1.6.5)
    sinatra (2.0.3)
      mustermann (~> 1.0)
      rack (~> 2.0)
      rack-protection (= 2.0.3)
      tilt (~> 2.0)
    temple (0.8.0)
    tilt (2.0.8)
    vegas (0.1.11)
      rack (>= 1.0.0)
    yajl-ruby (1.4.0)

PLATFORMS
  ruby

DEPENDENCIES
  activesupport (= 3.2.22)
  haml (= 5.0.0)
  rake
  rdiscount
  sinatra (>= 2.0.2)
  vegas (>= 0.1.8)
  yajl-ruby (>= 1.3.1)

BUNDLED WITH
   1.16.1
