GEM
  remote: http://rubygems.org/
  specs:
    activesupport (2.3.8)
    haml (3.0.24)
    mustermann (1.1.1)
      ruby2_keywords (~> 0.0.1)
    rack (2.2.2)
    rack-protection (2.0.8.1)
      rack
    rake (0.8.7)
    rdiscount (1.6.5)
    ruby2_keywords (0.0.2)
    sinatra (2.0.8.1)
      mustermann (~> 1.0)
      rack (~> 2.0)
      rack-protection (= 2.0.8.1)
      tilt (~> 2.0)
    tilt (2.0.10)
    vegas (0.1.11)
      rack (>= 1.0.0)
    yajl-ruby (0.7.8)

PLATFORMS
  ruby

DEPENDENCIES
  activesupport (= 2.3.8)
  haml (= 3.0.24)
  rake
  rdiscount
  sinatra (>= 2.0.0)
  vegas (>= 0.1.8)
  yajl-ruby

BUNDLED WITH
   1.17.3
